PATH
  remote: .
  specs:
    child-process-manager (0.0.9)

GEM
  remote: http://rubygems.org/
  specs:
    diff-lcs (1.1.3)
    mocha (0.9.12)
    rake (0.9.2)
    rspec (2.6.0)
      rspec-core (~> 2.6.0)
      rspec-expectations (~> 2.6.0)
      rspec-mocks (~> 2.6.0)
    rspec-core (2.6.4)
    rspec-expectations (2.6.0)
      diff-lcs (~> 1.1.2)
    rspec-mocks (2.6.0)

PLATFORMS
  ruby

DEPENDENCIES
  child-process-manager!
  mocha
  rake
  rspec (>= 2.5.0)
